GEM
  remote: https://rubygems.org/
  specs:
    addressable (2.8.6)
      public_suffix (>= 2.0.2, < 6.0)
    baran (0.1.12)
    bigdecimal (3.1.8)
    byebug (11.1.3)
    coderay (1.1.3)
    colorize (1.1.0)
    date (3.3.4)
    dotenv (3.1.0)
    event_stream_parser (1.0.0)
    faraday (2.9.0)
      faraday-net_http (>= 2.0, < 3.2)
    faraday-multipart (1.0.4)
      multipart-post (~> 2)
    faraday-net_http (3.1.0)
      net-http
    geocoder (1.8.2)
    json-schema (4.3.0)
      addressable (>= 2.8)
    langchainrb (0.13.3)
      baran (~> 0.1.9)
      colorize (~> 1.1.0)
      json-schema (~> 4)
      matrix
      pragmatic_segmenter (~> 0.3.0)
      to_bool (~> 2.0.0)
      zeitwerk (~> 2.5)
    mail (2.8.1)
      mini_mime (>= 0.1.1)
      net-imap
      net-pop
      net-smtp
    mainstreet (0.3.0)
      geocoder (>= 1.5.1)
    matrix (0.4.2)
    method_source (1.0.0)
    mini_mime (1.1.5)
    multipart-post (2.4.0)
    net-http (0.4.1)
      uri
    net-imap (0.4.10)
      date
      net-protocol
    net-pop (0.1.2)
      net-protocol
    net-protocol (0.2.2)
      timeout
    net-smtp (0.5.0)
      net-protocol
    pragmatic_segmenter (0.3.23)
      unicode
    pry (0.14.2)
      coderay (~> 1.1)
      method_source (~> 1.0)
    pry-byebug (3.10.1)
      byebug (~> 11.0)
      pry (>= 0.13, < 0.15)
    public_suffix (5.1.0)
    ruby-openai (6.5.0)
      event_stream_parser (>= 0.3.0, < 2.0.0)
      faraday (>= 1)
      faraday-multipart (>= 1)
    sequel (5.79.0)
      bigdecimal
    sqlite3 (1.7.3-arm64-darwin)
    sqlite3 (1.7.3-x86_64-darwin)
    sqlite3 (1.7.3-x86_64-linux)
    timeout (0.4.1)
    to_bool (2.0.0)
    unicode (0.4.4.4)
    uri (0.13.0)
    zeitwerk (2.6.16)

PLATFORMS
  arm64-darwin
  x86_64-darwin
  x86_64-linux
  x86_64-linux-musl

DEPENDENCIES
  dotenv
  langchainrb (~> 0.13.1)
  mail
  mainstreet
  pry-byebug
  ruby-openai
  sequel
  sqlite3

BUNDLED WITH
   2.5.3
