GEM
  remote: https://rubygems.org/
  specs:
    activesupport (7.1.3.2)
      base64
      bigdecimal
      concurrent-ruby (~> 1.0, >= 1.0.2)
      connection_pool (>= 2.2.5)
      drb
      i18n (>= 1.6, < 2)
      minitest (>= 5.1)
      mutex_m
      tzinfo (~> 2.0)
    addressable (2.8.6)
      public_suffix (>= 2.0.2, < 6.0)
    baran (0.1.11)
    base64 (0.2.0)
    bigdecimal (3.1.7)
    byebug (11.1.3)
    coderay (1.1.3)
    colorize (1.1.0)
    concurrent-ruby (1.2.3)
    connection_pool (2.4.1)
    drb (2.2.1)
    event_stream_parser (1.0.0)
    faraday (2.9.0)
      faraday-net_http (>= 2.0, < 3.2)
    faraday-multipart (1.0.4)
      multipart-post (~> 2)
    faraday-net_http (3.1.0)
      net-http
    geocoder (1.8.2)
    i18n (1.14.4)
      concurrent-ruby (~> 1.0)
    json-schema (4.2.0)
      addressable (>= 2.8)
    langchainrb (0.10.2)
      activesupport (>= 7.0.8)
      baran (~> 0.1.9)
      colorize (~> 1.1.0)
      json-schema (~> 4)
      matrix
      pragmatic_segmenter (~> 0.3.0)
      tiktoken_ruby (~> 0.0.7)
      to_bool (~> 2.0.0)
      zeitwerk (~> 2.5)
    mainstreet (0.3.0)
      geocoder (>= 1.5.1)
    matrix (0.4.2)
    method_source (1.0.0)
    minitest (5.22.3)
    multipart-post (2.4.0)
    mutex_m (0.2.0)
    net-http (0.4.1)
      uri
    pragmatic_segmenter (0.3.23)
      unicode
    pry (0.14.2)
      coderay (~> 1.1)
      method_source (~> 1.0)
    pry-byebug (3.10.1)
      byebug (~> 11.0)
      pry (>= 0.13, < 0.15)
    public_suffix (5.0.4)
    ruby-openai (6.3.1)
      event_stream_parser (>= 0.3.0, < 2.0.0)
      faraday (>= 1)
      faraday-multipart (>= 1)
    tiktoken_ruby (0.0.7-aarch64-linux)
    tiktoken_ruby (0.0.7-arm-linux)
    tiktoken_ruby (0.0.7-arm64-darwin)
    tiktoken_ruby (0.0.7-x86_64-darwin)
    tiktoken_ruby (0.0.7-x86_64-linux)
    tiktoken_ruby (0.0.7-x86_64-linux-musl)
    to_bool (2.0.0)
    tzinfo (2.0.6)
      concurrent-ruby (~> 1.0)
    unicode (0.4.4.4)
    uri (0.13.0)
    zeitwerk (2.6.13)

PLATFORMS
  aarch64-linux
  arm-linux
  arm64-darwin
  x86_64-darwin
  x86_64-linux
  x86_64-linux-musl

DEPENDENCIES
  langchainrb
  mainstreet
  pry-byebug
  ruby-openai

BUNDLED WITH
   2.5.3
